GEM
  remote: https://rubygems.org/
  specs:
    activemodel (5.1.4)
      activesupport (= 5.1.4)
    activesupport (5.1.4)
      concurrent-ruby (~> 1.0, >= 1.0.2)
      i18n (~> 0.7)
      minitest (~> 5.1)
      tzinfo (~> 1.1)
    addressable (2.5.1)
      public_suffix (~> 2.0, >= 2.0.2)
    amq-protocol (2.2.0)
    archive-zip (0.7.0)
      io-like (~> 0.3.0)
    assert_json (0.4.1)
      activesupport
    ast (2.3.0)
    bson (4.2.2)
    bunny (2.7.1)
      amq-protocol (>= 2.2.0)
    byebug (9.1.0)
    capybara (2.15.3)
      addressable
      mini_mime (>= 0.1.3)
      nokogiri (>= 1.3.3)
      rack (>= 1.0.0)
      rack-test (>= 0.5.4)
      xpath (~> 2.0)
    childprocess (0.8.0)
      ffi (~> 1.0, >= 1.0.11)
    chromedriver-helper (1.1.0)
      archive-zip (~> 0.7.0)
      nokogiri (~> 1.6)
    clbustos-rtf (0.4.2)
    coderay (1.1.2)
    concurrent-ruby (1.0.5)
    cpf_cnpj (0.3.0)
    credit_card_validations (3.4.0)
      activemodel (>= 3, <= 6)
      activesupport (>= 3, <= 6)
    diff-lcs (1.3)
    domain_name (0.5.20170404)
      unf (>= 0.0.5, < 1.0.0)
    factory_girl (4.8.1)
      activesupport (>= 3.0.0)
    faker (1.8.4)
      i18n (~> 0.5)
    ffi (1.9.18)
    gauge-ruby (0.4.2)
      method_source (~> 0.8.2)
      os (= 0.9.6)
      parser (~> 2.3)
      ruby-protocol-buffers (= 1.5.1)
    http-cookie (1.0.3)
      domain_name (~> 0.5)
    httparty (0.15.6)
      multi_xml (>= 0.5.2)
    i18n (0.8.6)
    io-like (0.3.0)
    json-compare (0.1.8)
    json-schema (2.8.0)
      addressable (>= 2.4)
    lorem_ipsum_amet (0.6.2)
    method_source (0.8.2)
    mime-types (3.1)
      mime-types-data (~> 3.2015)
    mime-types-data (3.2016.0521)
    mini_mime (0.1.4)
    mini_portile2 (2.3.0)
    minitest (5.10.3)
    mongo (2.4.3)
      bson (>= 4.2.1, < 5.0.0)
    multi_xml (0.6.0)
    mysql2 (0.4.9)
    netrc (0.11.0)
    nokogiri (1.8.1)
      mini_portile2 (~> 2.3.0)
    os (0.9.6)
    parser (2.4.0.0)
      ast (~> 2.2)
    power_assert (1.1.0)
    prawn (0.8.4)
      prawn-core (>= 0.8.4, < 0.9)
      prawn-layout (>= 0.8.4, < 0.9)
      prawn-security (>= 0.8.4, < 0.9)
    prawn-core (0.8.4)
    prawn-layout (0.8.4)
    prawn-security (0.8.4)
    prawn-svg (0.9.1.11)
      prawn (>= 0.8.4)
    pry (0.11.0)
      coderay (~> 1.1.0)
      method_source (~> 0.8.1)
    pry-byebug (3.4.2)
      byebug (~> 9.0)
      pry (~> 0.10)
    public_suffix (2.0.2)
    rack (2.0.3)
    rack-test (0.7.0)
      rack (>= 1.0, < 3)
    reportbuilder (1.4.2)
      clbustos-rtf (~> 0.4.0)
      prawn (~> 0.8.4)
      prawn-svg (~> 0.9.1)
      text-table (~> 1.2)
    rest-client (2.0.2)
      http-cookie (>= 1.0.2, < 2.0)
      mime-types (>= 1.16, < 4.0)
      netrc (~> 0.8)
    rspec (3.6.0)
      rspec-core (~> 3.6.0)
      rspec-expectations (~> 3.6.0)
      rspec-mocks (~> 3.6.0)
    rspec-core (3.6.0)
      rspec-support (~> 3.6.0)
    rspec-expectations (3.6.0)
      diff-lcs (>= 1.2.0, < 2.0)
      rspec-support (~> 3.6.0)
    rspec-mocks (3.6.0)
      diff-lcs (>= 1.2.0, < 2.0)
      rspec-support (~> 3.6.0)
    rspec-support (3.6.0)
    ruby-protocol-buffers (1.5.1)
    rubyzip (1.2.1)
    selenium-webdriver (3.0.8)
      childprocess (~> 0.5)
      rubyzip (~> 1.0)
      websocket (~> 1.0)
    site_prism (2.9)
      addressable (>= 2.3.3, < 3.0)
      capybara (>= 2.1, < 3.0)
    test-unit (3.2.6)
      power_assert
    text-table (1.2.4)
    thread_safe (0.3.6)
    tzinfo (1.2.3)
      thread_safe (~> 0.1)
    unf (0.1.4)
      unf_ext
    unf_ext (0.0.7.4)
    websocket (1.2.4)
    xpath (2.1.0)
      nokogiri (~> 1.3)
    yajl-ruby (1.3.0)

PLATFORMS
  ruby

DEPENDENCIES
  assert_json (= 0.4.1)
  bunny (>= 2.7.0)
  capybara (~> 2.15, >= 2.15.1)
  chromedriver-helper
  cpf_cnpj (= 0.3.0)
  credit_card_validations
  factory_girl
  faker (~> 1.6, >= 1.6.3)
  gauge-ruby (~> 0.4.1)
  httparty (= 0.15.6)
  json-compare (= 0.1.8)
  json-schema (= 2.8)
  lorem_ipsum_amet
  mongo
  mysql2 (~> 0.4.3)
  pry-byebug (= 3.4.2)
  reportbuilder (= 1.4.2)
  rest-client (= 2.0.2)
  rspec (= 3.6)
  rspec-expectations (= 3.6)
  selenium-webdriver (~> 3.0.3)
  site_prism (~> 2.9)
  test-unit
  yajl-ruby (= 1.3)

BUNDLED WITH
   1.15.4